GIT
  remote: git://github.com/alloy/ios-sim-test.git
  revision: ec0c4e9e779895a199d6fc9b0bec92f00071c9e9
  specs:
    ios-sim-test (0.0.1)
      claide (>= 0.2)
      colored (~> 1.2)

GIT
  remote: git://github.com/lukeredpath/github-downloads.git
  revision: 0ed8d7a59f5e15d72ce87c44a9000e301d3fa952
  specs:
    github-downloads (0.1.3)
      highline
      hirb
      json
      mime-types
      rest-client
      simpleconsole

GIT
  remote: git://github.com/lukeredpath/xcodebuild-rb.git
  revision: eadcfbb4924b99f9f65775368e2ba5fc43a499fa
  specs:
    xcodebuild-rb (0.2.0)
      state_machine (~> 1.1.2)

GEM
  remote: https://rubygems.org/
  specs:
    RubyInline (3.11.4)
      ZenTest (~> 4.3)
    ZenTest (4.8.4)
    activesupport (3.2.13)
      i18n (= 0.6.1)
      multi_json (~> 1.0)
    claide (0.3.2)
    cocoapods (0.22.2)
      activesupport (~> 3.2.13)
      claide (~> 0.3.2)
      cocoapods-core (= 0.22.2)
      cocoapods-downloader (~> 0.1.1)
      colored (~> 1.2)
      escape (~> 0.0.4)
      json (~> 1.8.0)
      open4 (~> 1.3.0)
      xcodeproj (~> 0.8.1)
    cocoapods-core (0.22.2)
      activesupport (~> 3.2.13)
      json (~> 1.8.0)
      nap (~> 0.5.1)
    cocoapods-downloader (0.1.1)
    colored (1.2)
    daemons (1.1.9)
    escape (0.0.4)
    eventmachine (1.0.0)
    highline (1.6.15)
    hirb (0.7.0)
    i18n (0.6.1)
    json (1.8.0)
    macaddr (1.6.1)
      systemu (~> 2.5.0)
    mime-types (1.19)
    multi_json (1.7.7)
    nap (0.5.1)
    open4 (1.3.0)
    osx_keychain (1.0.0)
      RubyInline (~> 3)
    pusher (0.11.1)
      multi_json (~> 1.0)
      signature (~> 0.1.6)
    rack (1.4.1)
    rack-protection (1.2.0)
      rack
    rake (10.1.0)
    rest-client (1.6.7)
      mime-types (>= 1.16)
    signature (0.1.6)
    simpleconsole (0.1.1)
    sinatra (1.3.3)
      rack (~> 1.3, >= 1.3.6)
      rack-protection (~> 1.2)
      tilt (~> 1.3, >= 1.3.3)
    state_machine (1.1.2)
    systemu (2.5.2)
    thin (1.5.0)
      daemons (>= 1.0.9)
      eventmachine (>= 0.12.6)
      rack (>= 1.0.0)
    tilt (1.3.3)
    uuid (2.3.6)
      macaddr (~> 1.0)
    xcodeproj (0.8.1)
      activesupport (~> 3.2.13)
      colored (~> 1.2)

PLATFORMS
  ruby

DEPENDENCIES
  cocoapods (~> 0.22.0)
  github-downloads!
  ios-sim-test!
  json
  osx_keychain
  pusher
  rake
  rest-client
  sinatra
  thin
  uuid
  xcodebuild-rb!
  xcodeproj
